NUGET
  remote: https://nuget.org/api/v2
  specs:
    EventStore.Client (3.0.1)
    FAKE (3.14.9)
    FsCheck (1.0.4)
    FsCheck.Xunit (1.0.4)
      FsCheck (>= 1.0.4)
      xunit (>= 1.9.2)
    FSharp.Collections.ParallelSeq (1.0.2)
    FSharp.Compiler.Service (0.0.82)
    FSharp.Core (3.1.2.1)
    FSharp.Data (2.1.1)
      Zlib.Portable (>= 1.10.0)
    FSharp.Formatting (2.7.1)
      FSharp.Compiler.Service (>= 0.0.82)
      FSharpVSPowerTools.Core (>= 1.7.0)
    FSharpVSPowerTools.Core (1.7.0)
      FSharp.Compiler.Service (>= 0.0.81)
    FSharpx (1.2.1.110910)
    FSharpx.Collections (1.9.6)
    FSharpx.Core (1.8.41)
    FsPickler (1.0.8)
    FsUnit.xUnit (1.3.0.1)
      xunit (>= 1.9.1 < 3.0) - net20, >= net40, >= net45
    Http.fs (1.5.1)
    Metrics.NET (0.2.14)
    Microsoft.AspNet.Razor (3.2.2) - >= net45
    Microsoft.Bcl (1.1.9)
      Microsoft.Bcl.Build (>= 1.0.14)
    Microsoft.Bcl.Build (1.0.21)
    Microsoft.CompilerServices.AsyncTargetingPack (1.0.1)
    Microsoft.Net.Http (2.2.28)
      Microsoft.Bcl (>= 1.1.9)
      Microsoft.Bcl.Build (>= 1.0.14)
    Newtonsoft.Json (6.0.8)
    NSubstitute (1.8.1.0)
    NuGet.CommandLine (2.8.3)
    Octokit (0.6.2)
      Microsoft.Net.Http
    RavenDB.Client (2.5.2952)
      Microsoft.CompilerServices.AsyncTargetingPack
    RazorEngine (3.5.3)
      Microsoft.AspNet.Razor (>= 3.0.0) - >= net45
      Microsoft.AspNet.Razor (2.0.30506.0) - >= net40 < net45
    Serilog (1.4.155)
    Serilog.Sinks.Seq (1.4.155)
      Microsoft.Net.Http (>= 2.2.20) - >= net40 < net45
      Serilog (>= 1.4.155) - >= net40, >= net45
    SourceLink.Fake (0.4.2)
    Suave (0.23.0)
      FSharp.Core (>= 3.1.2.1)
      FsPickler (>= 1.0.7)
    UnionArgParser (0.8.3)
    Unquote (2.2.2)
    xunit (1.9.2)
    xunit.runners (1.9.2)
    Zlib.Portable (1.10.0)
GITHUB
  remote: fsharp/FAKE
  specs:
    modules/Octokit/Octokit.fsx (ddd071eeb73f5644a1f8edd9d870dc4a6c7a71a4)
      Octokit