NUGET
  remote: https://nuget.org/api/v2
  specs:
    EventStore.Client (3.0.1)
    FAKE (3.14.8)
    FsCheck (1.0.4)
    FsCheck.Xunit (1.0.4)
      FsCheck (>= 1.0.4)
      xunit (>= 1.9.2)
    FSharp.Collections.ParallelSeq (1.0.2)
    FSharp.Compiler.Service (0.0.82)
    FSharp.Data (2.1.1)
      Zlib.Portable (>= 1.10.0)
    FSharp.Formatting (2.6.3)
      FSharp.Compiler.Service (>= 0.0.81)
    FSharpx (1.2.1.110910)
    FSharpx.Collections (1.9.6)
    FSharpx.Core (1.8.41)
    FsUnit.xUnit (1.3.0.1)
      xunit (>= 1.9.1 <  3.0) - net20, >= net40, >= net45
    Metrics.NET (0.2.6)
    Microsoft.Bcl (1.1.9)
      Microsoft.Bcl.Build (>= 1.0.14)
    Microsoft.Bcl.Build (1.0.21)
    Microsoft.CompilerServices.AsyncTargetingPack (1.0.1)
    Microsoft.Net.Http (2.2.28)
      Microsoft.Bcl (>= 1.1.9)
      Microsoft.Bcl.Build (>= 1.0.14)
    NuGet.CommandLine (2.8.3)
    Octokit (0.6.2)
      Microsoft.Net.Http
    RavenDB.Client (2.5.2952)
      Microsoft.CompilerServices.AsyncTargetingPack
    Serilog (1.4.139)
    SourceLink.Fake (0.4.2)
    Unquote (2.2.2)
    xunit (1.9.2)
    xunit.runners (1.9.2)
    Zlib.Portable (1.10.0)
GITHUB
  remote: fsharp/FAKE
  specs:
    modules/Octokit/Octokit.fsx (dcc0a2462ed02cf80898e57a3964b0b64486b0a4)
      Octokit