NUGET
  remote: https://nuget.org/api/v2
  specs:
    FAKE (3.14.8)
    FSharp.Compiler.Service (0.0.82)
    FSharp.Formatting (2.6.3)
      FSharp.Compiler.Service (>= 0.0.81)
    NuGet.CommandLine (2.8.3)
    NUnit (2.6.4)
    NUnit.Runners (2.6.4)
    SourceLink.Fake (0.4.2)
GITHUB
  remote: fsharp/FAKE
  specs:
    modules/Octokit/Octokit.fsx (dcc0a2462ed02cf80898e57a3964b0b64486b0a4)