NUGET
  remote: https://nuget.org/api/v2
  specs:
    FAKE (3.14.8)
    FSharp.Compiler.Service (0.0.82)
    FSharp.Formatting (2.6.3)
      FSharp.Compiler.Service (>= 0.0.81)
    Microsoft.Bcl (1.1.9)
      Microsoft.Bcl.Build (>= 1.0.14)
    Microsoft.Bcl.Build (1.0.21)
    Microsoft.Net.Http (2.2.28)
      Microsoft.Bcl (>= 1.1.9)
      Microsoft.Bcl.Build (>= 1.0.14)
    NuGet.CommandLine (2.8.3)
    Octokit (0.6.2)
      Microsoft.Net.Http
    SourceLink.Fake (0.4.2)
    xunit (1.9.2)
    xunit.runners (1.9.2)
GITHUB
  remote: fsharp/FAKE
  specs:
    modules/Octokit/Octokit.fsx (dcc0a2462ed02cf80898e57a3964b0b64486b0a4)
      Octokit